GEM
  remote: https://rubygems.org/
  specs:
    docile (1.4.0)
    minitest (5.20.0)
    rake (13.0.6)
    simplecov (0.22.0)
      docile (~> 1.1)
      simplecov-html (~> 0.11)
      simplecov_json_formatter (~> 0.1)
    simplecov-html (0.12.3)
    simplecov_json_formatter (0.1.4)
    spy (1.0.5)

PLATFORMS
  x64-mingw-ucrt

DEPENDENCIES
  minitest (~> 5.20)
  rake (~> 13.0)
  simplecov (~> 0.22.0)
  spy (~> 1.0)

BUNDLED WITH
   2.4.20
